GEM
  remote: http://rubygems.org/
  specs:
    ZenTest (4.8.1)
    addressable (2.2.8)
    autotest (4.4.6)
      ZenTest (>= 4.4.1)
    diff-lcs (1.1.3)
    eventmachine (1.0.0.rc.1)
    eventmachine (1.0.0.rc.1-x86-mingw32)
    fakeweb (1.3.0)
    hashie (1.2.0)
    json (1.7.3)
    macaddr (1.6.1)
      systemu (~> 2.5.0)
    pachube-stream (0.0.4)
      addressable (>= 2.2.3)
      eventmachine (>= 1.0.0.beta.3)
      hashie (>= 0.5.1)
      uuid (~> 2.3.2)
      yajl-ruby (~> 0.8.2)
    rspec (2.10.0)
      rspec-core (~> 2.10.0)
      rspec-expectations (~> 2.10.0)
      rspec-mocks (~> 2.10.0)
    rspec-core (2.10.1)
    rspec-expectations (2.10.0)
      diff-lcs (~> 1.1.3)
    rspec-mocks (2.10.1)
    systemu (2.5.1)
    uuid (2.3.5)
      macaddr (~> 1.0)
    yajl-ruby (0.8.3)

PLATFORMS
  ruby
  x86-mingw32

DEPENDENCIES
  autotest
  fakeweb
  json
  pachube-stream
  rspec
  rspec-core
